GEM
  remote: https://rubygems.org/
  specs:
    CFPropertyList (2.2.8)
    ast (2.3.0)
    diff-lcs (1.2.5)
    docile (1.1.5)
    facter (2.4.6)
      CFPropertyList (~> 2.2.6)
    fakeweb (1.3.0)
    fast_gettext (1.1.0)
    gettext (3.2.2)
      locale (>= 2.0.5)
      text (>= 1.3.0)
    gettext-setup (0.8)
      fast_gettext (~> 1.1.0)
      gettext (>= 3.0.2)
    hiera (3.2.2)
    json (2.0.2)
    json_pure (2.0.2)
    locale (2.1.2)
    metaclass (0.0.4)
    metadata-json-lint (1.0.0)
      json
      semantic_puppet (>= 0.1.2, < 2.0.0)
      spdx-licenses (~> 1.0)
    mocha (1.2.1)
      metaclass (~> 0.0.1)
    parser (2.3.3.1)
      ast (~> 2.2)
    powerpack (0.1.1)
    puppet (4.2.3)
      facter (> 2.0, < 4)
      hiera (>= 2.0, < 4)
      json_pure
    puppet-lint (2.0.2)
    puppet-lint-unquoted_string-check (0.3.0)
      puppet-lint (>= 1.0, < 3.0)
    puppet-syntax (2.2.0)
      rake
    puppetlabs_spec_helper (1.2.2)
      mocha (~> 1.0)
      puppet-lint (~> 2.0)
      puppet-syntax (~> 2.0)
      rspec-puppet (~> 2.0)
    rainbow (2.1.0)
    rake (10.5.0)
    rspec (3.5.0)
      rspec-core (~> 3.5.0)
      rspec-expectations (~> 3.5.0)
      rspec-mocks (~> 3.5.0)
    rspec-core (3.5.4)
      rspec-support (~> 3.5.0)
    rspec-expectations (3.5.0)
      diff-lcs (>= 1.2.0, < 2.0)
      rspec-support (~> 3.5.0)
    rspec-mocks (3.5.0)
      diff-lcs (>= 1.2.0, < 2.0)
      rspec-support (~> 3.5.0)
    rspec-puppet (2.5.0)
      rspec
    rspec-support (3.5.0)
    rubocop (0.46.0)
      parser (>= 2.3.1.1, < 3.0)
      powerpack (~> 0.1)
      rainbow (>= 1.99.1, < 3.0)
      ruby-progressbar (~> 1.7)
      unicode-display_width (~> 1.0, >= 1.0.1)
    ruby-progressbar (1.8.1)
    semantic_puppet (0.1.4)
      gettext-setup (>= 0.3)
    simplecov (0.12.0)
      docile (~> 1.1.0)
      json (>= 1.8, < 3)
      simplecov-html (~> 0.10.0)
    simplecov-html (0.10.0)
    spdx-licenses (1.1.0)
    text (1.3.1)
    unicode-display_width (1.1.1)

PLATFORMS
  ruby

DEPENDENCIES
  fakeweb
  metadata-json-lint
  puppet (~> 4.2.0)
  puppet-lint
  puppet-lint-unquoted_string-check
  puppet-syntax
  puppetlabs_spec_helper
  rake (~> 10.0)
  rspec
  rspec-mocks
  rspec-puppet
  rubocop
  simplecov

BUNDLED WITH
   1.13.6
