GEM
  remote: https://rubygems.org/
  specs:
    addressable (2.5.2)
      public_suffix (>= 2.0.2, < 4.0)
    ast (2.4.0)
    crack (0.4.3)
      safe_yaml (~> 1.0.0)
    declarative (0.0.10)
    declarative-option (0.1.0)
    diff-lcs (1.3)
    docile (1.1.5)
    facter (2.5.1)
    faraday (0.15.2)
      multipart-post (>= 1.2, < 3)
    fast_gettext (1.1.2)
    gettext (3.2.6)
      locale (>= 2.0.5)
      text (>= 1.3.0)
    gettext-setup (0.29)
      fast_gettext (~> 1.1.0)
      gettext (>= 3.0.2)
      locale
    google-api-client (0.23.8)
      addressable (~> 2.5, >= 2.5.1)
      googleauth (>= 0.5, < 0.7.0)
      httpclient (>= 2.8.1, < 3.0)
      mime-types (~> 3.0)
      representable (~> 3.0)
      retriable (>= 2.0, < 4.0)
      signet (~> 0.9)
    googleauth (0.6.6)
      faraday (~> 0.12)
      jwt (>= 1.4, < 3.0)
      memoist (~> 0.12)
      multi_json (~> 1.11)
      os (>= 0.9, < 2.0)
      signet (~> 0.7)
    hashdiff (0.3.7)
    hiera (3.4.2)
    httpclient (2.8.3)
    json (2.1.0)
    json-schema (2.8.0)
      addressable (>= 2.4)
    jwt (2.1.0)
    locale (2.1.2)
    memoist (0.16.0)
    metaclass (0.0.4)
    metadata-json-lint (2.0.2)
      json-schema (~> 2.8)
      spdx-licenses (~> 1.0)
    mime-types (3.2.2)
      mime-types-data (~> 3.2015)
    mime-types-data (3.2018.0812)
    mocha (1.3.0)
      metaclass (~> 0.0.1)
    multi_json (1.13.1)
    multipart-post (2.0.0)
    os (1.0.0)
    parallel (1.12.1)
    parallel_tests (2.21.3)
      parallel
    parser (2.4.0.2)
      ast (~> 2.3)
    powerpack (0.1.1)
    public_suffix (3.0.1)
    puppet (5.3.4)
      facter (> 2.0, < 4)
      gettext-setup (>= 0.10, < 1)
      hiera (>= 3.2.1, < 4)
      locale (~> 2.1)
    puppet-lint (2.3.3)
    puppet-lint-unquoted_string-check (0.3.0)
      puppet-lint (>= 1.0, < 3.0)
    puppet-syntax (2.4.1)
      rake
    puppetlabs_spec_helper (2.6.1)
      mocha (~> 1.0)
      puppet-lint (~> 2.0)
      puppet-syntax (~> 2.0)
      rspec-puppet (~> 2.0)
    rainbow (3.0.0)
    rake (10.5.0)
    representable (3.0.4)
      declarative (< 0.1.0)
      declarative-option (< 0.2.0)
      uber (< 0.2.0)
    retriable (3.1.2)
    rspec (3.7.0)
      rspec-core (~> 3.7.0)
      rspec-expectations (~> 3.7.0)
      rspec-mocks (~> 3.7.0)
    rspec-core (3.7.1)
      rspec-support (~> 3.7.0)
    rspec-expectations (3.7.0)
      diff-lcs (>= 1.2.0, < 2.0)
      rspec-support (~> 3.7.0)
    rspec-mocks (3.7.0)
      diff-lcs (>= 1.2.0, < 2.0)
      rspec-support (~> 3.7.0)
    rspec-puppet (2.6.9)
      rspec
    rspec-support (3.7.0)
    rubocop (0.52.1)
      parallel (~> 1.10)
      parser (>= 2.4.0.2, < 3.0)
      powerpack (~> 0.1)
      rainbow (>= 2.2.2, < 4.0)
      ruby-progressbar (~> 1.7)
      unicode-display_width (~> 1.0, >= 1.0.1)
    ruby-progressbar (1.9.0)
    safe_yaml (1.0.4)
    semantic_puppet (1.0.2)
    signet (0.9.1)
      addressable (~> 2.3)
      faraday (~> 0.9)
      jwt (>= 1.5, < 3.0)
      multi_json (~> 1.10)
    simplecov (0.15.1)
      docile (~> 1.1.0)
      json (>= 1.8, < 3)
      simplecov-html (~> 0.10.0)
    simplecov-html (0.10.2)
    spdx-licenses (1.1.0)
    text (1.3.1)
    uber (0.1.0)
    unicode-display_width (1.3.0)
    vcr (4.0.0)
    webmock (3.4.2)
      addressable (>= 2.3.6)
      crack (>= 0.3.2)
      hashdiff

PLATFORMS
  ruby

DEPENDENCIES
  google-api-client
  googleauth
  metadata-json-lint
  parallel_tests
  puppet (>= 4.2.0)
  puppet-lint
  puppet-lint-unquoted_string-check
  puppet-syntax
  puppetlabs_spec_helper
  rake (~> 10.0)
  rspec
  rspec-mocks
  rspec-puppet
  rubocop
  semantic_puppet
  simplecov
  vcr
  webmock

BUNDLED WITH
   1.16.1
